GEM
  remote: http://rubygems.org/
  specs:
    activesupport (3.0.3)
    archive-tar-minitar (0.5.2)
    columnize (0.3.2)
    crack (0.1.8)
    encryptor (1.1.1)
    gdata (1.1.1)
    gdata19 (0.1.9.2)
    git (1.2.5)
    hpricot (0.8.2)
    jeweler (1.5.2)
      bundler (~> 1.0.0)
      git (>= 1.2.5)
      rake
    json (1.5.1)
    linecache (0.43)
    linecache19 (0.5.11)
      ruby_core_source (>= 0.1.4)
    linkedin (0.1.7)
      crack (~> 0.1.4)
      oauth (~> 0.3.5)
      roxml (~> 3.1.3)
    mechanize (1.0.0)
      nokogiri (>= 1.2.1)
    nokogiri (1.4.4)
    oauth (0.3.6)
      ruby-hmac (>= 0.3.1)
    rake (0.8.7)
    roxml (3.1.6)
      activesupport (>= 2.3.0)
      nokogiri (>= 1.3.3)
    ruby-debug (0.10.4)
      columnize (>= 0.1)
      ruby-debug-base (~> 0.10.4.0)
    ruby-debug-base (0.10.4)
      linecache (>= 0.3)
    ruby-debug-base19 (0.11.24)
      columnize (>= 0.3.1)
      linecache19 (>= 0.5.11)
      ruby_core_source (>= 0.1.4)
    ruby-debug19 (0.11.6)
      columnize (>= 0.3.1)
      linecache19 (>= 0.5.11)
      ruby-debug-base19 (>= 0.11.19)
    ruby-hmac (0.4.0)
    ruby_core_source (0.1.4)
      archive-tar-minitar (>= 0.5.2)
    shoulda (2.11.3)

PLATFORMS
  ruby

DEPENDENCIES
  encryptor
  gdata
  gdata19
  hpricot (= 0.8.2)
  jeweler
  json (>= 1.1.1)
  linkedin
  mechanize
  ruby-debug
  ruby-debug19
  shoulda
